GEM
  remote: https://rubygems.org/
  specs:
    ffi (1.15.3)
    tangram (0.5.0)
      ffi (~> 1)

PLATFORMS
  ruby

DEPENDENCIES
  tangram

BUNDLED WITH
   2.1.4
