GEM
  remote: https://rubygems.org/
  specs:
    redcarpet (3.5.1)
    yard (0.9.26)

PLATFORMS
  ruby

DEPENDENCIES
  redcarpet
  yard

BUNDLED WITH
   2.1.4
